PATH
  remote: .
  specs:
    ornb (0.1.0)
      colorize
      thor

GEM
  remote: https://rubygems.org/
  specs:
    colorize (0.8.1)
    minitest (5.11.3)
    rake (10.5.0)
    thor (0.20.3)
    yard (0.9.20)

PLATFORMS
  ruby

DEPENDENCIES
  bundler (> 1.16)
  minitest (~> 5.0)
  ornb!
  rake (~> 10.0)
  yard (~> 0.9.20)

BUNDLED WITH
   2.0.1
